GEM
  remote: https://rubygems.org/
  specs:
    ast (2.4.2)
    diff-lcs (1.5.1)
    json (2.7.2)
    language_server-protocol (3.17.0.3)
    nokogiri (1.16.7-x86_64-linux)
      racc (~> 1.4)
    onlyoffice_file_helper (2.1.0)
      onlyoffice_logger_helper (~> 1)
      rubyzip (~> 2)
    onlyoffice_logger_helper (1.3.0)
    onlyoffice_tcm_helper (1.0.0)
      onlyoffice_file_helper (< 3)
    palladium (1.1.0)
    parallel (1.26.1)
    parser (3.3.4.2)
      ast (~> 2.4.1)
      racc
    racc (1.8.1)
    rainbow (3.1.1)
    rake (13.2.1)
    regexp_parser (2.9.2)
    rexml (3.3.4)
      strscan
    rspec (3.13.0)
      rspec-core (~> 3.13.0)
      rspec-expectations (~> 3.13.0)
      rspec-mocks (~> 3.13.0)
    rspec-core (3.13.0)
      rspec-support (~> 3.13.0)
    rspec-expectations (3.13.1)
      diff-lcs (>= 1.2.0, < 2.0)
      rspec-support (~> 3.13.0)
    rspec-mocks (3.13.1)
      diff-lcs (>= 1.2.0, < 2.0)
      rspec-support (~> 3.13.0)
    rspec-support (3.13.1)
    rubocop (1.65.1)
      json (~> 2.3)
      language_server-protocol (>= 3.17.0)
      parallel (~> 1.10)
      parser (>= 3.3.0.2)
      rainbow (>= 2.2.2, < 4.0)
      regexp_parser (>= 2.4, < 3.0)
      rexml (>= 3.2.5, < 4.0)
      rubocop-ast (>= 1.31.1, < 2.0)
      ruby-progressbar (~> 1.7)
      unicode-display_width (>= 2.4.0, < 3.0)
    rubocop-ast (1.32.0)
      parser (>= 3.3.1.0)
    rubocop-performance (1.21.1)
      rubocop (>= 1.48.1, < 2.0)
      rubocop-ast (>= 1.31.1, < 2.0)
    rubocop-rspec (3.0.4)
      rubocop (~> 1.61)
    ruby-progressbar (1.13.0)
    rubyzip (2.3.2)
    seven_zip_ruby (1.3.0)
    strscan (3.1.0)
    unicode-display_width (2.5.0)

PLATFORMS
  x86_64-linux

DEPENDENCIES
  json
  nokogiri
  onlyoffice_logger_helper
  onlyoffice_tcm_helper
  palladium
  rake
  rspec
  rubocop
  rubocop-performance
  rubocop-rspec
  seven_zip_ruby (~> 1.3)

BUNDLED WITH
   2.3.22
